GIT
  remote: git://github.com/jchunky/table_builder.git
  revision: 861e57bc1c1cddcf877db950fb400226be15ea71
  specs:
    table_builder (0.0.3)

GIT
  remote: https://github.com/moonshado/moonshado-sms.git
  revision: f4f306281b51c48d7f455e1d5ae7f98f0052b9ee
  specs:
    moonshado-sms (1.1.1)
      json (>= 1.2.0)
      rest-client (>= 1.6.0)

GEM
  remote: http://rubygems.org/
  remote: http://dresssed.com/gems/f0ac74923e447c64069e/
  specs:
    Ascii85 (1.0.1)
    actionmailer (3.1.1)
      actionpack (= 3.1.1)
      mail (~> 2.3.0)
    actionpack (3.1.1)
      activemodel (= 3.1.1)
      activesupport (= 3.1.1)
      builder (~> 3.0.0)
      erubis (~> 2.7.0)
      i18n (~> 0.6)
      rack (~> 1.3.2)
      rack-cache (~> 1.1)
      rack-mount (~> 0.8.2)
      rack-test (~> 0.6.1)
      sprockets (~> 2.0.2)
    activemodel (3.1.1)
      activesupport (= 3.1.1)
      builder (~> 3.0.0)
      i18n (~> 0.6)
    activerecord (3.1.1)
      activemodel (= 3.1.1)
      activesupport (= 3.1.1)
      arel (~> 2.2.1)
      tzinfo (~> 0.3.29)
    activeresource (3.1.1)
      activemodel (= 3.1.1)
      activesupport (= 3.1.1)
    activesupport (3.1.1)
      multi_json (~> 1.0)
    ansi (1.4.2)
    arel (2.2.3)
    bcrypt-ruby (3.0.1)
    breadcrumbs_on_rails (2.2.0)
    builder (3.0.0)
    cancan (1.6.7)
    coffee-rails (3.1.1)
      coffee-script (>= 2.2.0)
      railties (~> 3.1.0)
    coffee-script (2.2.0)
      coffee-script-source
      execjs
    coffee-script-source (1.2.0)
    daemons (1.1.8)
    delayed_job (3.0.1)
      activesupport (~> 3.0)
    devise (2.0.4)
      bcrypt-ruby (~> 3.0)
      orm_adapter (~> 0.0.3)
      railties (~> 3.1)
      warden (~> 1.1.1)
    dresssed-gimlet (1.1.0)
      jquery-rails
      rails (>= 3.1)
    dropbox-sdk (1.3)
      json
    easy_dates (0.1.1)
    erubis (2.7.0)
    eventmachine (0.12.10)
    execjs (1.3.0)
      multi_json (~> 1.0)
    formtastic (2.1.1)
      actionpack (~> 3.0)
    gibbon (0.3.5)
      httparty (> 0.6.0)
      httparty (> 0.6.0)
      json (> 1.4.0)
      json (> 1.4.0)
      rdoc
    gmail (0.4.0)
      gmail_xoauth (>= 0.3.0)
      mail (>= 2.2.1)
      mime (>= 0.1)
    gmail_xoauth (0.3.0)
      oauth (>= 0.3.6)
    googlestaticmap (1.1.0)
    gravatar_image_tag (1.0.0)
    has_scope (0.5.1)
    hike (1.2.1)
    httparty (0.8.3)
      multi_json (~> 1.0)
      multi_xml
    i18n (0.6.0)
    inherited_resources (1.3.0)
      has_scope (~> 0.5.0)
      responders (~> 0.6.0)
    jintastic (1.1.0)
      formtastic
    jquery-rails (1.0.19)
      railties (~> 3.0)
      thor (~> 0.14)
    jquery_mobile_rails (1.1.0)
      rails (>= 3.1.0)
    json (1.7.3)
    kaminari (0.13.0)
      actionpack (>= 3.0.0)
      activesupport (>= 3.0.0)
      railties (>= 3.0.0)
    lazy_high_charts (1.1.5)
      bundler (~> 1.0)
    magic_encoding (0.0.2)
    mail (2.3.3)
      i18n (>= 0.4.0)
      mime-types (~> 1.16)
      treetop (~> 1.4.8)
    meta_search (1.1.3)
      actionpack (~> 3.1)
      activerecord (~> 3.1)
      activesupport (~> 3.1)
      polyamorous (~> 0.5.0)
    mime (0.1)
    mime-types (1.19)
    minitest (2.11.3)
    multi_json (1.3.6)
    multi_xml (0.4.4)
    oauth (0.4.5)
    orm_adapter (0.0.6)
    pdf-reader (1.0.0)
      Ascii85 (~> 1.0.0)
      ruby-rc4
    pg (0.13.2)
    polyamorous (0.5.0)
      activerecord (~> 3.0)
    polyglot (0.3.3)
    postageapp (1.0.14)
      json
    prawn (0.12.0)
      pdf-reader (>= 0.9.0)
      ttfunk (~> 1.0.2)
    rack (1.3.2)
    rack-cache (1.2)
      rack (>= 0.4)
    rack-mount (0.8.3)
      rack (>= 1.0.0)
    rack-ssl (1.3.2)
      rack
    rack-test (0.6.1)
      rack (>= 1.0)
    rails (3.1.1)
      actionmailer (= 3.1.1)
      actionpack (= 3.1.1)
      activerecord (= 3.1.1)
      activeresource (= 3.1.1)
      activesupport (= 3.1.1)
      bundler (~> 1.0)
      railties (= 3.1.1)
    railties (3.1.1)
      actionpack (= 3.1.1)
      activesupport (= 3.1.1)
      rack-ssl (~> 1.3.2)
      rake (>= 0.8.7)
      rdoc (~> 3.4)
      thor (~> 0.14.6)
    rake (0.9.2.2)
    rdoc (3.12)
      json (~> 1.4)
    record_history (0.8.9)
      activemodel
      activerecord
      activesupport
    responders (0.6.5)
    rest-client (1.6.7)
      mime-types (>= 1.16)
    ruby-rc4 (0.1.5)
    sass (3.1.15)
    sass-rails (3.1.5)
      actionpack (~> 3.1.0)
      railties (~> 3.1.0)
      sass (~> 3.1.10)
      tilt (~> 1.3.2)
    sprockets (2.0.4)
      hike (~> 1.2)
      rack (~> 1.0)
      tilt (~> 1.1, != 1.3.0)
    sqlite3 (1.3.5)
    switch_user (0.6.0)
    tabs_on_rails (2.1.1)
    thin (1.3.1)
      daemons (>= 1.0.9)
      eventmachine (>= 0.12.6)
      rack (>= 1.0.0)
    thor (0.14.6)
    tilt (1.3.3)
    treetop (1.4.10)
      polyglot
      polyglot (>= 0.3.1)
    ttfunk (1.0.3)
    turn (0.9.3)
      ansi
    tzinfo (0.3.33)
    uglifier (1.2.3)
      execjs (>= 0.3.0)
      multi_json (>= 1.0.2)
    warden (1.1.1)
      rack (>= 1.0)

PLATFORMS
  ruby

DEPENDENCIES
  breadcrumbs_on_rails
  cancan
  coffee-rails (<= 3.2.2)
  delayed_job
  devise
  dresssed-gimlet
  dropbox-sdk
  easy_dates
  formtastic
  gibbon
  gmail
  googlestaticmap
  gravatar_image_tag
  has_scope
  inherited_resources
  jintastic
  jquery-rails
  jquery_mobile_rails
  json
  kaminari
  lazy_high_charts
  magic_encoding
  meta_search
  minitest
  moonshado-sms!
  pg
  postageapp
  prawn
  rack (= 1.3.2)
  rails (= 3.1.1)
  record_history
  sass-rails (<= 3.2.4)
  sqlite3
  switch_user
  table_builder (= 0.0.3)!
  tabs_on_rails
  thin
  turn
  uglifier (>= 1.0.3)
